GEM
  remote: https://rubygems.org/
  specs:
    eventmachine (1.2.7)

PLATFORMS
  ruby

DEPENDENCIES
  eventmachine

BUNDLED WITH
   2.0.2
